GEM
  remote: http://rubygems.org/
  specs:
    actionmailer (3.2.12)
      actionpack (= 3.2.12)
      mail (~> 2.4.4)
    actionpack (3.2.12)
      activemodel (= 3.2.12)
      activesupport (= 3.2.12)
      builder (~> 3.0.0)
      erubis (~> 2.7.0)
      journey (~> 1.0.4)
      rack (~> 1.4.5)
      rack-cache (~> 1.2)
      rack-test (~> 0.6.1)
      sprockets (~> 2.2.1)
    activemodel (3.2.12)
      activesupport (= 3.2.12)
      builder (~> 3.0.0)
    activerecord (3.2.12)
      activemodel (= 3.2.12)
      activesupport (= 3.2.12)
      arel (~> 3.0.2)
      tzinfo (~> 0.3.29)
    activerecord-jdbc-adapter (1.2.2.1)
    activerecord-jdbcmysql-adapter (1.2.2.1)
      activerecord-jdbc-adapter (~> 1.2.2.1)
      jdbc-mysql (~> 5.1.0)
    activeresource (3.2.12)
      activemodel (= 3.2.12)
      activesupport (= 3.2.12)
    activesupport (3.2.12)
      i18n (~> 0.6)
      multi_json (~> 1.0)
    acts_as_tree (1.3.0)
      activerecord (>= 3.0.0)
    addressable (2.3.2)
    arel (3.0.2)
    awesome_nested_set (2.1.5)
      activerecord (>= 3.0.0)
    bcrypt-ruby (3.0.1)
    bcrypt-ruby (3.0.1-java)
    blankslate (2.1.2.4)
    bouncy-castle-java (1.5.0146.1)
    builder (3.0.4)
    capybara (2.0.3)
      mime-types (>= 1.16)
      nokogiri (>= 1.3.3)
      rack (>= 1.0.0)
      rack-test (>= 0.5.4)
      selenium-webdriver (~> 2.0)
      xpath (~> 1.0.0)
    carrierwave (0.7.1)
      activemodel (>= 3.2.0)
      activesupport (>= 3.2.0)
    childprocess (0.3.9)
      ffi (~> 1.0, >= 1.0.11)
    ckeditor (3.6.2)
      mime-types (~> 1.16)
      orm_adapter (~> 0.0.5)
    clj (0.0.5.6)
    cocaine (0.4.2)
    coderay (1.0.8)
    coffee-rails (3.2.2)
      coffee-script (>= 2.2.0)
      railties (~> 3.2.0)
    coffee-script (2.2.0)
      coffee-script-source
      execjs
    coffee-script-source (1.4.0)
    cucumber (1.2.1)
      builder (>= 2.1.2)
      diff-lcs (>= 1.1.3)
      gherkin (~> 2.11.0)
      json (>= 1.4.6)
    cucumber-rails (1.2.1)
      capybara (>= 1.1.2)
      cucumber (>= 1.1.3)
      nokogiri (>= 1.5.0)
    curb (0.8.3)
    daemons (1.1.9)
    database_cleaner (0.9.1)
    delayed_job (3.0.4)
      activesupport (~> 3.0)
    delayed_job_active_record (0.3.3)
      activerecord (>= 2.1.0, < 4)
      delayed_job (~> 3.0)
    devise (2.1.0)
      bcrypt-ruby (~> 3.0)
      orm_adapter (~> 0.0.7)
      railties (~> 3.1)
      warden (~> 1.1.1)
    devise-encryptable (0.1.2)
      devise (>= 2.1.0)
    diff-lcs (1.1.3)
    dynamic_form (1.1.4)
    erubis (2.7.0)
    execjs (1.4.0)
      multi_json (~> 1.0)
    factory_girl (4.1.0)
      activesupport (>= 3.0.0)
    factory_girl_rails (4.1.0)
      factory_girl (~> 4.1.0)
      railties (>= 3.0.0)
    feedzirra (0.0.24)
      activesupport (>= 2.3.8)
      builder (>= 2.1.2)
      curb (>= 0.2.3)
      loofah (>= 0.3.1)
      nokogiri (> 0.0.0)
      sax-machine (>= 0.0.12)
    ffi (1.1.5)
    ffi (1.1.5-java)
    gherkin (2.11.5)
      json (>= 1.4.6)
    gherkin (2.11.5-java)
      json (>= 1.4.6)
    hike (1.2.2)
    i18n (0.6.4)
    jdbc-mysql (5.1.13)
    journey (1.0.4)
    jquery-rails (2.2.1)
      railties (>= 3.0, < 5.0)
      thor (>= 0.14, < 2.0)
    jruby-jars (1.7.0)
    jruby-openssl (0.7.7)
      bouncy-castle-java (>= 1.5.0146.1)
    jruby-rack (1.1.10)
    json (1.8.0)
    json (1.8.0-java)
    later_dude (0.3.3)
    launchy (2.1.2)
      addressable (~> 2.3)
    launchy (2.1.2-java)
      addressable (~> 2.3)
      ffi (~> 1.1.1)
      spoon (~> 0.0.1)
    libv8 (3.11.8.17)
    loofah (1.2.1)
      nokogiri (>= 1.4.4)
    mail (2.4.4)
      i18n (>= 0.4.0)
      mime-types (~> 1.16)
      treetop (~> 1.4.8)
    method_source (0.8.1)
    mime-types (1.21)
    mini_magick (3.4)
      subexec (~> 0.2.1)
    multi_json (1.8.2)
    mysql2 (0.3.11)
    nokogiri (1.5.5)
    nokogiri (1.5.5-java)
    orm_adapter (0.0.7)
    paperclip (3.3.1)
      activemodel (>= 3.0.0)
      activerecord (>= 3.0.0)
      activesupport (>= 3.0.0)
      cocaine (~> 0.4.0)
      mime-types
    pickle (0.4.11)
      cucumber (>= 0.8)
      rake
    polyglot (0.3.3)
    pry (0.9.10)
      coderay (~> 1.0.5)
      method_source (~> 0.8)
      slop (~> 3.3.1)
    pry (0.9.10-java)
      coderay (~> 1.0.5)
      method_source (~> 0.8)
      slop (~> 3.3.1)
      spoon (~> 0.0)
    rack (1.4.5)
    rack-cache (1.2)
      rack (>= 0.4)
    rack-ssl (1.3.3)
      rack
    rack-ssl-enforcer (0.2.5)
    rack-test (0.6.2)
      rack (>= 1.0)
    rails (3.2.12)
      actionmailer (= 3.2.12)
      actionpack (= 3.2.12)
      activerecord (= 3.2.12)
      activeresource (= 3.2.12)
      activesupport (= 3.2.12)
      bundler (~> 1.0)
      railties (= 3.2.12)
    rails3-generators (1.0.0)
      railties (>= 3.0.0)
    railties (3.2.12)
      actionpack (= 3.2.12)
      activesupport (= 3.2.12)
      rack-ssl (~> 1.3.2)
      rake (>= 0.8.7)
      rdoc (~> 3.4)
      thor (>= 0.14.6, < 2.0)
    rake (0.9.6)
    rdoc (3.12.2)
      json (~> 1.4)
    ref (1.0.5)
    riddle (1.5.3)
    rspec-core (2.12.0)
    rspec-expectations (2.12.0)
      diff-lcs (~> 1.1.3)
    rspec-mocks (2.12.0)
    rspec-rails (2.12.0)
      actionpack (>= 3.0)
      activesupport (>= 3.0)
      railties (>= 3.0)
      rspec-core (~> 2.12.0)
      rspec-expectations (~> 2.12.0)
      rspec-mocks (~> 2.12.0)
    ruby-progressbar (1.0.2)
    rubyzip (1.1.0)
    sanitize (2.0.3)
      nokogiri (>= 1.4.4, < 1.6)
    sass (3.2.3)
    sass-rails (3.2.5)
      railties (~> 3.2.0)
      sass (>= 3.1.10)
      tilt (~> 1.3)
    sax-machine (0.1.0)
      nokogiri (> 0.0.0)
    selenium-webdriver (2.39.0)
      childprocess (>= 0.2.5)
      multi_json (~> 1.0)
      rubyzip (~> 1.0)
      websocket (~> 1.0.4)
    slop (3.3.3)
    spoon (0.0.1)
    spork (0.9.2)
    sprockets (2.2.2)
      hike (~> 1.2)
      multi_json (~> 1.0)
      rack (~> 1.0)
      tilt (~> 1.1, != 1.3.0)
    subexec (0.2.2)
    therubyracer (0.11.4)
      libv8 (~> 3.11.8.12)
      ref
    thinking-sphinx (2.0.13)
      activerecord (>= 3.0.3)
      builder (>= 2.1.2)
      riddle (>= 1.5.3)
    thor (0.18.1)
    tilt (1.4.1)
    torquebox (2.1.2)
      thor (>= 0.14.6)
      torquebox-cache (= 2.1.2)
      torquebox-configure (= 2.1.2)
      torquebox-core (= 2.1.2)
      torquebox-messaging (= 2.1.2)
      torquebox-naming (= 2.1.2)
      torquebox-rake-support (= 2.1.2)
      torquebox-security (= 2.1.2)
      torquebox-stomp (= 2.1.2)
      torquebox-transactions (= 2.1.2)
      torquebox-web (= 2.1.2)
    torquebox-cache (2.1.2-java)
      torquebox-core (= 2.1.2)
      torquebox-transactions (= 2.1.2)
    torquebox-configure (2.1.2-java)
      blankslate (= 2.1.2.4)
    torquebox-core (2.1.2-java)
    torquebox-messaging (2.1.2-java)
      clj (= 0.0.5.6)
      torquebox-core (= 2.1.2)
      torquebox-transactions (= 2.1.2)
    torquebox-naming (2.1.2-java)
    torquebox-rake-support (2.1.2)
      rake (>= 0.8.7, < 1.0.0)
    torquebox-security (2.1.2-java)
      torquebox-core (= 2.1.2)
    torquebox-server (2.1.2-java)
      torquebox (= 2.1.2)
    torquebox-stomp (2.1.2)
      torquebox-core (= 2.1.2)
      torquebox-messaging (= 2.1.2)
    torquebox-transactions (2.1.2)
      torquebox-core (= 2.1.2)
    torquebox-web (2.1.2-java)
    treetop (1.4.12)
      polyglot
      polyglot (>= 0.3.1)
    trinidad (1.4.4)
      jruby-rack (>= 1.1.10)
      trinidad_jars (>= 1.1.0)
    trinidad_jars (1.1.1)
    tzinfo (0.3.37)
    uglifier (1.3.0)
      execjs (>= 0.3.0)
      multi_json (~> 1.0, >= 1.0.2)
    uuidtools (2.1.3)
    warbler (1.3.6)
      jruby-jars (>= 1.4.0)
      jruby-rack (>= 1.0.0)
      rake (>= 0.8.7)
      rubyzip (>= 0.9.4)
    warden (1.1.1)
      rack (>= 1.0)
    websocket (1.0.7)
    will_paginate (3.0.0)
    xpath (1.0.0)
      nokogiri (~> 1.3)

PLATFORMS
  java
  ruby

DEPENDENCIES
  activerecord-jdbcmysql-adapter
  acts_as_tree
  awesome_nested_set
  capybara
  carrierwave
  ckeditor (= 3.6.2)
  coffee-rails
  cucumber
  cucumber-rails (>= 1.2.0)
  daemons
  database_cleaner
  delayed_job
  delayed_job_active_record
  devise
  devise-encryptable
  dynamic_form
  erubis
  factory_girl
  factory_girl_rails
  feedzirra (~> 0.0.24)
  jdbc-mysql
  jquery-rails
  jruby-openssl
  later_dude (>= 0.3.1)
  launchy
  mini_magick
  mysql2
  nokogiri
  paperclip (>= 3.0.2)
  pickle
  pry
  rack-ssl-enforcer
  rails (= 3.2.12)
  rails3-generators
  rspec-rails
  ruby-progressbar
  sanitize
  sass-rails
  selenium-webdriver
  spork
  therubyracer
  thinking-sphinx
  torquebox
  torquebox-server
  trinidad
  uglifier
  uuidtools
  warbler
  will_paginate (= 3.0.0)
  xpath
